PATH
  remote: .
  specs:
    graphql-preload (2.2.0)
      activerecord (>= 7.0)
      graphql (= 2.3.18)
      graphql-batch (~> 0.6)
      promise.rb (~> 0.7)

GEM
  remote: https://rubygems.org/
  specs:
    activemodel (7.2.1.1)
      activesupport (= 7.2.1.1)
    activerecord (7.2.1.1)
      activemodel (= 7.2.1.1)
      activesupport (= 7.2.1.1)
      timeout (>= 0.4.0)
    activesupport (7.2.1.1)
      base64
      bigdecimal
      concurrent-ruby (~> 1.0, >= 1.3.1)
      connection_pool (>= 2.2.5)
      drb
      i18n (>= 1.6, < 2)
      logger (>= 1.4.2)
      minitest (>= 5.1)
      securerandom (>= 0.3)
      tzinfo (~> 2.0, >= 2.0.5)
    base64 (0.2.0)
    bigdecimal (3.1.8)
    byebug (11.1.3)
    concurrent-ruby (1.3.4)
    connection_pool (2.4.1)
    diff-lcs (1.3)
    drb (2.2.1)
    fiber-storage (1.0.0)
    graphql (2.3.18)
      base64
      fiber-storage
    graphql-batch (0.6.0)
      graphql (>= 1.12.18, < 3)
      promise.rb (~> 0.7.2)
    i18n (1.8.2)
      concurrent-ruby (~> 1.0)
    logger (1.6.1)
    minitest (5.25.1)
    promise.rb (0.7.4)
    rake (13.0.1)
    rspec (3.9.0)
      rspec-core (~> 3.9.0)
      rspec-expectations (~> 3.9.0)
      rspec-mocks (~> 3.9.0)
    rspec-core (3.9.1)
      rspec-support (~> 3.9.1)
    rspec-expectations (3.9.1)
      diff-lcs (>= 1.2.0, < 2.0)
      rspec-support (~> 3.9.0)
    rspec-mocks (3.9.1)
      diff-lcs (>= 1.2.0, < 2.0)
      rspec-support (~> 3.9.0)
    rspec-sqlimit (0.0.6)
      activerecord (>= 4.2.0, < 8)
      rspec (~> 3.0)
    rspec-support (3.9.2)
    securerandom (0.3.1)
    sqlite3 (1.4.2)
    timeout (0.4.1)
    tzinfo (2.0.6)
      concurrent-ruby (~> 1.0)
    yard (0.9.24)

PLATFORMS
  ruby

DEPENDENCIES
  activerecord (~> 7.2)
  bundler
  byebug
  graphql-preload!
  rake
  rspec
  rspec-sqlimit
  sqlite3
  yard

BUNDLED WITH
   2.5.22
